GEM
  remote: http://rubygems.org/
  specs:
    byebug (6.0.2)
    faker (1.1.2)
      i18n (~> 0.5)
    i18n (0.6.1)
    sqlite3 (1.3.11)

PLATFORMS
  ruby

DEPENDENCIES
  byebug
  faker
  sqlite3

BUNDLED WITH
   1.10.6
